GIT
  remote: git://github.com/travis-infrastructure/chirp.git
  revision: ebe79bab0ce37bc3f8f5b16561b715cc9d44ff71
  specs:
    chirp (0.1.0)

GEM
  remote: https://rubygems.org/
  specs:

PLATFORMS
  ruby

DEPENDENCIES
  chirp!

BUNDLED WITH
   1.10.6
