GIT
  remote: https://github.com/travis-ci/chirp.git
  revision: 75d2104615857c54ab88f4f34808ee19b2d26b7c
  specs:
    chirp (0.1.0)

GEM
  remote: https://rubygems.org/
  specs:

PLATFORMS
  ruby

DEPENDENCIES
  chirp!

BUNDLED WITH
   1.16.1
