GIT
  remote: git://github.com/travis-infrastructure/chirp.git
  revision: a5108cdc8f9b7cbcdffd074e2a3e68a406339c07
  specs:
    chirp (0.1.0)

GEM
  remote: https://rubygems.org/
  specs:

PLATFORMS
  ruby

DEPENDENCIES
  chirp!

BUNDLED WITH
   1.12.5
