GIT
  remote: https://github.com/travis-infrastructure/chirp.git
  revision: 121fe4b02b49a7897130661da855a7e29fc61130
  specs:
    chirp (0.1.0)

GEM
  remote: https://rubygems.org/
  specs:

PLATFORMS
  ruby

DEPENDENCIES
  chirp!

BUNDLED WITH
   1.15.4
