GIT
  remote: git://github.com/travis-infrastructure/chirp.git
  revision: 045f0f89dbacd27dd003ddaa8b9a4ea79924cb43
  specs:
    chirp (0.1.0)

GEM
  remote: https://rubygems.org/
  specs:

PLATFORMS
  ruby

DEPENDENCIES
  chirp!

BUNDLED WITH
   1.10.6
