GIT
  remote: https://github.com/travis-ci/chirp.git
  revision: f346bc160056ca33af1d62db271d613e39e2f14f
  specs:
    chirp (0.1.0)

GEM
  remote: https://rubygems.org/
  specs:

PLATFORMS
  ruby

DEPENDENCIES
  chirp!

BUNDLED WITH
   1.16.1
