GIT
  remote: git://github.com/travis-infrastructure/chirp.git
  revision: 4b51d64ffbdaf31749f41a821683af0d71119367
  specs:
    chirp (0.1.0)

GEM
  remote: https://rubygems.org/
  specs:

PLATFORMS
  ruby

DEPENDENCIES
  chirp!

BUNDLED WITH
   1.12.5
