GIT
  remote: git://github.com/travis-infrastructure/chirp.git
  revision: 1012b410a876b2caeb3a3e77778c1324d33e9441
  specs:
    chirp (0.1.0)

GEM
  remote: https://rubygems.org/
  specs:

PLATFORMS
  ruby

DEPENDENCIES
  chirp!

BUNDLED WITH
   1.10.6
