GIT
  remote: git://github.com/travis-infrastructure/chirp.git
  revision: 6b1aca40089a70569231f77dae4fec4194ff4277
  specs:
    chirp (0.1.0)

GEM
  remote: https://rubygems.org/
  specs:

PLATFORMS
  ruby

DEPENDENCIES
  chirp!
