GIT
  remote: git://github.com/travis-infrastructure/chirp.git
  revision: 38ef9753a50e51c58e3da21c5cf7fe80f2975410
  specs:
    chirp (0.1.0)

GEM
  remote: https://rubygems.org/
  specs:

PLATFORMS
  ruby

DEPENDENCIES
  chirp!
